GEM
  remote: https://rubygems.org/
  specs:
    activemodel (6.0.3.2)
      activesupport (= 6.0.3.2)
    activerecord (6.0.3.2)
      activemodel (= 6.0.3.2)
      activesupport (= 6.0.3.2)
    activerecord-sqlserver-adapter (6.0.0)
      activerecord (~> 6.0.0)
      tiny_tds
    activesupport (6.0.3.2)
      concurrent-ruby (~> 1.0, >= 1.0.2)
      i18n (>= 0.7, < 2)
      minitest (~> 5.1)
      tzinfo (~> 1.1)
      zeitwerk (~> 2.2, >= 2.2.2)
    coderay (1.1.3)
    concurrent-ruby (1.1.6)
    google-protobuf (3.12.2-x64-mingw32)
    googleapis-common-protos-types (1.0.5)
      google-protobuf (~> 3.11)
    grpc (1.30.2-x64-mingw32)
      google-protobuf (~> 3.12)
      googleapis-common-protos-types (~> 1.0)
    grpc-tools (1.30.2)
    i18n (1.8.5)
      concurrent-ruby (~> 1.0)
    method_source (1.0.0)
    minitest (5.14.1)
    pry (0.13.1)
      coderay (~> 1.1)
      method_source (~> 1.0)
    thread_safe (0.3.6)
    tiny_tds (2.1.3.pre-x64-mingw32)
    tzinfo (1.2.7)
      thread_safe (~> 0.1)
    zeitwerk (2.4.0)

PLATFORMS
  x64-mingw32

DEPENDENCIES
  activerecord
  activerecord-sqlserver-adapter (~> 6.0)
  grpc
  grpc-tools
  pry
  tiny_tds (~> 2.1.3.pre)

BUNDLED WITH
   2.1.4
